GEM
  remote: https://rubygems.org/
  specs:
    colorize (0.6.0)
    ruby_test (0.1.1)

PLATFORMS
  ruby

DEPENDENCIES
  colorize (~> 0.6.0)
  ruby_test (~> 0.1.1)
